ObjectType = Image
NDims = 3
BinaryData = True
BinaryDataByteOrderMSB = False
CompressedData = False
TransformMatrix = 1 0 0 0 1 0 0 0 1
Offset = 0 0 0
CenterOfRotation = 0 0 0
AnatomicalOrientation = RAI
ElementSpacing = 0.8333333134651184 0.8333333134651184 0.8333333134651184
DimSize = 1132 958 874
ElementType = MET_FLOAT
ElementDataFile = volume.raw
