ObjectType = Image
NDims = 3
BinaryData = True
BinaryDataByteOrderMSB = False
CompressedData = False
TransformMatrix = 1 0 0 0 1 0 0 0 1
Offset = 0 0 0
CenterOfRotation = 0 0 0
AnatomicalOrientation = RAI
ElementSpacing = 1.0 1.0 1.0
DimSize = 944 245 708
ElementType = MET_FLOAT
ElementDataFile = gt_stacked_slices.raw
